GEM
  remote: http://rubygems.org/
  specs:
    abstract (1.0.0)
    actionmailer (3.0.7)
      actionpack (= 3.0.7)
      mail (~> 2.2.15)
    actionpack (3.0.7)
      activemodel (= 3.0.7)
      activesupport (= 3.0.7)
      builder (~> 2.1.2)
      erubis (~> 2.6.6)
      i18n (~> 0.5.0)
      rack (~> 1.2.1)
      rack-mount (~> 0.6.14)
      rack-test (~> 0.5.7)
      tzinfo (~> 0.3.23)
    activemodel (3.0.7)
      activesupport (= 3.0.7)
      builder (~> 2.1.2)
      i18n (~> 0.5.0)
    activerecord (3.0.7)
      activemodel (= 3.0.7)
      activesupport (= 3.0.7)
      arel (~> 2.0.2)
      tzinfo (~> 0.3.23)
    activeresource (3.0.7)
      activemodel (= 3.0.7)
      activesupport (= 3.0.7)
    activesupport (3.0.7)
    addressable (2.2.5)
    arel (2.0.4)
    bcrypt-ruby (2.1.4)
    builder (2.1.2)
    devise (1.3.3)
      bcrypt-ruby (~> 2.1.2)
      orm_adapter (~> 0.0.3)
      warden (~> 1.0.3)
    erubis (2.6.6)
      abstract (>= 1.0.0)
    faraday (0.6.1)
      addressable (~> 2.2.4)
      multipart-post (~> 1.1.0)
      rack (< 2, >= 1.1.0)
    faraday_middleware (0.6.3)
      faraday (~> 0.6.0)
    gmail (0.4.0)
      gmail_xoauth (>= 0.3.0)
      mail (>= 2.2.1)
      mime (>= 0.1)
    gmail_xoauth (0.3.0)
      oauth (>= 0.3.6)
    hashie (1.0.0)
    i18n (0.5.0)
    mail (2.2.17)
      activesupport (>= 2.3.6)
      i18n (>= 0.4.0)
      mime-types (~> 1.16)
      treetop (~> 1.4.8)
    mime (0.1)
    mime-types (1.16)
    multi_json (1.0.1)
    multi_xml (0.2.2)
    multipart-post (1.1.0)
    oauth (0.4.4)
    orm_adapter (0.0.4)
    polyglot (0.3.1)
    rack (1.2.1)
    rack-mount (0.6.14)
      rack (>= 1.0.0)
    rack-test (0.5.7)
      rack (>= 1.0)
    rails (3.0.7)
      actionmailer (= 3.0.7)
      actionpack (= 3.0.7)
      activerecord (= 3.0.7)
      activeresource (= 3.0.7)
      activesupport (= 3.0.7)
      bundler (~> 1.0)
      railties (= 3.0.7)
    railties (3.0.7)
      actionpack (= 3.0.7)
      activesupport (= 3.0.7)
      rake (>= 0.8.7)
      thor (~> 0.14.4)
    rake (0.8.7)
    rash (0.3.0)
      hashie (~> 1.0.0)
    simple_oauth (0.1.4)
    sqlite3 (1.3.3)
    thor (0.14.6)
    treetop (1.4.9)
      polyglot (>= 0.3.1)
    twitter (1.4.1)
      faraday (~> 0.6.1)
      faraday_middleware (~> 0.6.3)
      hashie (~> 1.0.0)
      multi_json (~> 1.0.0)
      multi_xml (~> 0.2.0)
      rash (~> 0.3.0)
      simple_oauth (~> 0.1.4)
    tzinfo (0.3.23)
    warden (1.0.3)
      rack (>= 1.0.0)

PLATFORMS
  ruby

DEPENDENCIES
  devise
  gmail
  rails (= 3.0.7)
  sqlite3
  twitter
